GEM
  remote: http://rubygems.org/
  specs:
    POpen4 (0.1.4)
      Platform (>= 0.4.0)
      open4
    Platform (0.4.0)
    adsf (1.0.1)
      rack (>= 1.0.0)
    builder (3.0.0)
    chunky_png (1.2.5)
    compass (0.11.6)
      chunky_png (~> 1.2)
      fssm (>= 0.2.7)
      sass (~> 3.1)
    cri (2.0.2)
    daemons (1.1.5)
    eventmachine (0.12.10)
    ffi (1.0.11)
    fssm (0.2.7)
    growl (1.0.3)
    guard (0.9.4)
      ffi (>= 0.5.0)
      thor (~> 0.14.6)
    guard-nanoc (0.1.0)
      guard (>= 0.2.1)
      nanoc (>= 3.1.5)
    haml (3.1.4)
    kramdown (0.13.4)
    maruku (0.6.0)
      syntax (>= 1.0.0)
    mime-types (1.17.2)
    nanoc (3.2.3)
      nanoc3 (>= 3.2.3)
    nanoc3 (3.2.3)
      cri (~> 2.0)
    open4 (1.3.0)
    rack (1.4.0)
    rack-contrib (1.1.0)
      rack (>= 0.9.1)
    rack-rewrite (1.2.1)
    rb-fsevent (0.4.3.1)
    sass (3.1.12)
    syntax (1.0.0)
    thin (1.3.1)
      daemons (>= 1.0.9)
      eventmachine (>= 0.12.6)
      rack (>= 1.0.0)
    thor (0.14.6)
    yui-compressor (0.9.6)
      POpen4 (>= 0.1.4)

PLATFORMS
  ruby

DEPENDENCIES
  adsf
  builder
  compass
  growl
  guard
  guard-nanoc
  haml
  kramdown
  maruku
  mime-types
  nanoc
  rack
  rack-contrib
  rack-rewrite
  rb-fsevent
  thin
  yui-compressor
